PATH
  remote: .
  specs:
    video_chat_get (0.1.7)
      httpclient (~> 2.8.3)
      json (~> 2.3.0)
      nokogiri (~> 1.10.9)

GEM
  remote: https://rubygems.org/
  specs:
    diff-lcs (1.3)
    httpclient (2.8.3)
    json (2.3.0)
    mini_portile2 (2.4.0)
    nokogiri (1.10.9)
      mini_portile2 (~> 2.4.0)
    rake (10.5.0)
    rspec (3.9.0)
      rspec-core (~> 3.9.0)
      rspec-expectations (~> 3.9.0)
      rspec-mocks (~> 3.9.0)
    rspec-core (3.9.2)
      rspec-support (~> 3.9.3)
    rspec-expectations (3.9.2)
      diff-lcs (>= 1.2.0, < 2.0)
      rspec-support (~> 3.9.0)
    rspec-mocks (3.9.1)
      diff-lcs (>= 1.2.0, < 2.0)
      rspec-support (~> 3.9.0)
    rspec-support (3.9.3)

PLATFORMS
  ruby

DEPENDENCIES
  bundler (~> 1.16)
  rake (~> 10.0)
  rspec (~> 3.0)
  video_chat_get!

BUNDLED WITH
   1.16.1
