PATH
  remote: .
  specs:
    video_chat_get (0.3.6.5)
      httpclient (~> 2.8.3)
      json (~> 2.6.3)
      nokogiri (~> 1.13.4)

GEM
  remote: https://rubygems.org/
  specs:
    diff-lcs (1.5.1)
    httpclient (2.8.3)
    json (2.6.3)
    mini_portile2 (2.8.7)
    nokogiri (1.13.10)
      mini_portile2 (~> 2.8.0)
      racc (~> 1.4)
    racc (1.8.0)
    rake (13.2.1)
    rspec (3.13.0)
      rspec-core (~> 3.13.0)
      rspec-expectations (~> 3.13.0)
      rspec-mocks (~> 3.13.0)
    rspec-core (3.13.0)
      rspec-support (~> 3.13.0)
    rspec-expectations (3.13.1)
      diff-lcs (>= 1.2.0, < 2.0)
      rspec-support (~> 3.13.0)
    rspec-mocks (3.13.1)
      diff-lcs (>= 1.2.0, < 2.0)
      rspec-support (~> 3.13.0)
    rspec-support (3.13.1)

PLATFORMS
  x86_64-darwin-21

DEPENDENCIES
  bundler (~> 2.3)
  rake (~> 13.0)
  rspec (~> 3.10)
  video_chat_get!

BUNDLED WITH
   2.4.1
